GEM
  remote: https://rubygems.org/
  specs:
    bluecloth (2.2.0)
    diff-lcs (1.4.4)
    multi_json (1.3.6)
    rake (13.0.1)
    rspec (2.99.0)
      rspec-core (~> 2.99.0)
      rspec-expectations (~> 2.99.0)
      rspec-mocks (~> 2.99.0)
    rspec-core (2.99.2)
    rspec-expectations (2.99.2)
      diff-lcs (>= 1.1.3, < 2.0)
    rspec-mocks (2.99.4)
    simplecov (0.6.4)
      multi_json (~> 1.0)
      simplecov-html (~> 0.5.3)
    simplecov-html (0.5.3)
    yard (0.9.25)
    yard-rspec (0.1)
      yard

PLATFORMS
  ruby

DEPENDENCIES
  bluecloth
  rake
  rspec (~> 2.99)
  simplecov
  yard
  yard-rspec

BUNDLED WITH
   2.1.4
